GIT
  remote: git://github.com/mongoid/mongoid.git
  revision: 124627a60020c081a50136dd49e6c6652e7226c5
  specs:
    mongoid (4.0.0)
      activemodel (~> 4.0.0.beta)
      moped (~> 1.4.2)
      origin (~> 1.0)
      tzinfo (~> 0.3.22)

GEM
  remote: https://rubygems.org/
  specs:
    activemodel (4.0.0.beta1)
      activesupport (= 4.0.0.beta1)
      builder (~> 3.1.0)
    activesupport (4.0.0.beta1)
      i18n (~> 0.6.2)
      minitest (~> 4.2)
      multi_json (~> 1.3)
      thread_safe (~> 0.1)
      tzinfo (~> 0.3.33)
    atomic (1.0.1)
    builder (3.1.4)
    diff-lcs (1.1.3)
    i18n (0.6.2)
    metaclass (0.0.1)
    minitest (4.6.1)
    mocha (0.10.0)
      metaclass (~> 0.0.1)
    moped (1.4.2)
    multi_json (1.6.1)
    origin (1.0.11)
    rake (0.9.2.2)
    rspec (2.6.0)
      rspec-core (~> 2.6.0)
      rspec-expectations (~> 2.6.0)
      rspec-mocks (~> 2.6.0)
    rspec-core (2.6.4)
    rspec-expectations (2.6.0)
      diff-lcs (~> 1.1.2)
    rspec-mocks (2.6.0)
    thread_safe (0.1.0)
      atomic
    tzinfo (0.3.35)

PLATFORMS
  ruby

DEPENDENCIES
  activesupport (= 4.0.0.beta1)
  mocha (= 0.10.0)
  mongoid!
  rake
  rspec (~> 2.6.0)
